GEM
  remote: https://rubygems.org/
  specs:
    annoy (0.5.6)
      highline (>= 1.5.0)
    docile (1.1.5)
    drydock (0.6.9)
    highline (1.7.2)
    net-scp (1.2.1)
      net-ssh (>= 2.6.5)
    net-ssh (2.9.2)
    rye (0.9.13)
      annoy
      docile (>= 1.0.1)
      highline (>= 1.5.1)
      net-scp (>= 1.0.2)
      net-ssh (>= 2.0.13)
      sysinfo (>= 0.8.1)
    storable (0.8.9)
    sysinfo (0.8.1)
      drydock
      storable

PLATFORMS
  ruby

DEPENDENCIES
  rye (>= 0.9.13)

BUNDLED WITH
   1.10.5
